GIT
  remote: git://github.com/binarylogic/authlogic.git
  revision: e4b2990d6282f3f7b50249b4f639631aef68b939
  ref: e4b2990d6282f3f7b50249b4f639631aef68b939
  specs:
    authlogic (3.3.0)
      activerecord (>= 3.2)
      activesupport (>= 3.2)

GIT
  remote: https://github.com/Compass/compass-rails.git
  revision: ab84a09c0b84cc979e78540be7bfcb386ef5047d
  specs:
    compass-rails (2.0.0.pre)
      compass (>= 0.12.2)
      sprockets (<= 2.11.0)

GEM
  remote: http://rubygems.org/
  specs:
    Ascii85 (1.0.2)
    RedCloth (4.2.9)
    actionmailer (4.0.4)
      actionpack (= 4.0.4)
      mail (~> 2.5.4)
    actionpack (4.0.4)
      activesupport (= 4.0.4)
      builder (~> 3.1.0)
      erubis (~> 2.7.0)
      rack (~> 1.5.2)
      rack-test (~> 0.6.2)
    actionpack-page_caching (1.0.2)
      actionpack (>= 4.0.0, < 5)
    active_utils (2.0.2)
      activesupport (>= 2.3.11)
      i18n
    activemerchant (1.29.3)
      active_utils (>= 1.0.2)
      activesupport (>= 2.3.14)
      builder (>= 2.0.0)
      i18n
      json (>= 1.5.1)
      money
      nokogiri
    activemodel (4.0.4)
      activesupport (= 4.0.4)
      builder (~> 3.1.0)
    activerecord (4.0.4)
      activemodel (= 4.0.4)
      activerecord-deprecated_finders (~> 1.0.2)
      activesupport (= 4.0.4)
      arel (~> 4.0.0)
    activerecord-deprecated_finders (1.0.3)
    activesupport (4.0.4)
      i18n (~> 0.6, >= 0.6.9)
      minitest (~> 4.2)
      multi_json (~> 1.3)
      thread_safe (~> 0.1)
      tzinfo (~> 0.3.37)
    addressable (2.3.6)
    afm (0.2.0)
    american_date (1.1.0)
    arel (4.0.2)
    asset_sync (1.0.0)
      activemodel
      fog (>= 1.8.0)
    autotest-rails-pure (4.1.2)
    awesome_nested_set (3.0.0.rc.3)
      activerecord (>= 4.0.0, < 5)
    aws-sdk (1.38.0)
      json (~> 1.4)
      nokogiri (>= 1.4.4)
      uuidtools (~> 2.1)
    better_errors (0.9.0)
      coderay (>= 1.0.0)
      erubis (>= 2.6.6)
    binding_of_caller (0.7.2)
      debug_inspector (>= 0.0.1)
    bluecloth (2.2.0)
    builder (3.1.4)
    cancan (1.6.10)
    capybara (1.1.4)
      mime-types (>= 1.16)
      nokogiri (>= 1.3.3)
      rack (>= 1.0.0)
      rack-test (>= 0.5.4)
      selenium-webdriver (~> 2.0)
      xpath (~> 0.1.4)
    childprocess (0.5.2)
      ffi (~> 1.0, >= 1.0.11)
    choice (0.1.6)
    chronic (0.10.2)
    chunky_png (1.3.0)
    climate_control (0.0.3)
      activesupport (>= 3.0)
    cocaine (0.5.4)
      climate_control (>= 0.0.3, < 1.0)
    coderay (1.1.0)
    columnize (0.3.6)
    compass (0.12.4)
      chunky_png (~> 1.2)
      fssm (>= 0.2.7)
      sass (~> 3.2.17)
    database_cleaner (1.2.0)
    debug_inspector (0.0.2)
    debugger (1.6.6)
      columnize (>= 0.3.1)
      debugger-linecache (~> 1.2.0)
      debugger-ruby_core_source (~> 1.3.2)
    debugger-linecache (1.2.0)
    debugger-ruby_core_source (1.3.2)
    diff-lcs (1.1.3)
    dynamic_form (1.1.4)
    email_spec (1.5.0)
      launchy (~> 2.1)
      mail (~> 2.2)
    erubis (2.7.0)
    excon (0.32.1)
    execjs (2.0.2)
    factory_girl (3.3.0)
      activesupport (>= 3.0.0)
    factory_girl_rails (3.3.0)
      factory_girl (~> 3.3.0)
      railties (>= 3.0.0)
    faker (1.3.0)
      i18n (~> 0.5)
    ffi (1.9.3)
    fog (1.21.0)
      fog-brightbox
      fog-core (~> 1.21, >= 1.21.1)
      fog-json
      nokogiri (~> 1.5, >= 1.5.11)
    fog-brightbox (0.0.2)
      fog-core
      fog-json
    fog-core (1.21.1)
      builder
      excon (~> 0.32)
      formatador (~> 0.2.0)
      mime-types
      net-scp (~> 1.1)
      net-ssh (>= 2.1.3)
    fog-json (1.0.0)
      multi_json (~> 1.0)
    formatador (0.2.4)
    friendly_id (5.0.3)
      activerecord (>= 4.0.0)
    fssm (0.2.10)
    hashery (2.1.1)
    hike (1.2.3)
    i18n (0.6.9)
    jbuilder (2.0.5)
      activesupport (>= 3.0.0)
      multi_json (>= 1.2.0)
    jquery-rails (3.1.0)
      railties (>= 3.0, < 5.0)
      thor (>= 0.14, < 2.0)
    jquery-ui-rails (4.2.0)
      railties (>= 3.2.16)
    json (1.8.1)
    jwt (1.0.0)
    launchy (2.4.2)
      addressable (~> 2.3)
    mail (2.5.4)
      mime-types (~> 1.16)
      treetop (~> 1.4.8)
    metaclass (0.0.4)
    mime-types (1.25.1)
    mini_portile (0.5.3)
    minitest (4.7.5)
    mocha (0.13.3)
      metaclass (~> 0.0.1)
    money (6.1.1)
      i18n (~> 0.6.4)
    multi_json (1.9.2)
    mysql2 (0.3.15)
    net-scp (1.2.0)
      net-ssh (>= 2.6.5)
    net-ssh (2.8.0)
    nokogiri (1.6.1)
      mini_portile (~> 0.5.0)
    paperclip (3.5.4)
      activemodel (>= 3.0.0)
      activesupport (>= 3.0.0)
      cocaine (~> 0.5.3)
      mime-types
    pdf-reader (1.3.3)
      Ascii85 (~> 1.0.0)
      afm (~> 0.2.0)
      hashery (~> 2.0)
      ruby-rc4
      ttfunk
    pg (0.17.1)
    polyglot (0.3.4)
    prawn (0.12.0)
      pdf-reader (>= 0.9.0)
      ttfunk (~> 1.0.2)
    rack (1.5.2)
    rack-test (0.6.2)
      rack (>= 1.0)
    railroady (1.1.1)
    rails (4.0.4)
      actionmailer (= 4.0.4)
      actionpack (= 4.0.4)
      activerecord (= 4.0.4)
      activesupport (= 4.0.4)
      bundler (>= 1.3.0, < 2.0)
      railties (= 4.0.4)
      sprockets-rails (~> 2.0.0)
    rails-erd (1.1.0)
      activerecord (>= 3.0)
      activesupport (>= 3.0)
      choice (~> 0.1.6)
      ruby-graphviz (~> 1.0.4)
    rails3-generators (1.0.0)
      railties (>= 3.0.0)
    rails_12factor (0.0.2)
      rails_serve_static_assets
      rails_stdout_logging
    rails_config (0.3.3)
      activesupport (>= 3.0)
    rails_serve_static_assets (0.0.2)
    rails_stdout_logging (0.0.3)
    railties (4.0.4)
      actionpack (= 4.0.4)
      activesupport (= 4.0.4)
      rake (>= 0.8.7)
      thor (>= 0.18.1, < 2.0)
    rake (10.2.2)
    rmagick (2.13.2)
    rspec-core (2.12.2)
    rspec-expectations (2.12.1)
      diff-lcs (~> 1.1.3)
    rspec-mocks (2.12.2)
    rspec-rails (2.12.2)
      actionpack (>= 3.0)
      activesupport (>= 3.0)
      railties (>= 3.0)
      rspec-core (~> 2.12.0)
      rspec-expectations (~> 2.12.0)
      rspec-mocks (~> 2.12.0)
    rspec-rails-mocha (0.3.2)
      mocha (>= 0.9.8)
      rspec-rails (>= 2.0.0)
    ruby-graphviz (1.0.9)
    ruby-rc4 (0.1.5)
    rubyzip (1.1.2)
    sass (3.2.18)
    sass-rails (4.0.3)
      railties (>= 4.0.0, < 5.0)
      sass (~> 3.2.0)
      sprockets (~> 2.8, <= 2.11.0)
      sprockets-rails (~> 2.0)
    selenium-webdriver (2.41.0)
      childprocess (>= 0.5.0)
      multi_json (~> 1.0)
      rubyzip (~> 1.0)
      websocket (~> 1.0.4)
    sprockets (2.11.0)
      hike (~> 1.2)
      multi_json (~> 1.0)
      rack (~> 1.0)
      tilt (~> 1.1, != 1.3.0)
    sprockets-rails (2.0.1)
      actionpack (>= 3.0)
      activesupport (>= 3.0)
      sprockets (~> 2.8)
    sqlite3 (1.3.9)
    state_machine (1.2.0)
    thor (0.19.1)
    thread_safe (0.3.3)
    tilt (1.4.1)
    treetop (1.4.15)
      polyglot
      polyglot (>= 0.3.1)
    ttfunk (1.0.3)
    tzinfo (0.3.39)
    uglifier (2.5.0)
      execjs (>= 0.3.0)
      json (>= 1.8.0)
    uuidtools (2.1.4)
    websocket (1.0.7)
    will_paginate (3.0.5)
    xpath (0.1.4)
      nokogiri (~> 1.3)
    yard (0.8.7.4)
    zurb-foundation (4.3.2)
      sass (>= 3.2.0)

PLATFORMS
  ruby

DEPENDENCIES
  RedCloth
  actionpack-page_caching
  activemerchant (~> 1.29.3)
  american_date
  asset_sync
  authlogic!
  autotest-rails-pure
  awesome_nested_set (~> 3.0.0.rc.1)
  aws-sdk
  better_errors (~> 0.9.0)
  binding_of_caller (~> 0.7.2)
  bluecloth (~> 2.2.0)
  cancan (~> 1.6.8)
  capybara (~> 1.1)
  chronic
  compass-rails!
  database_cleaner (~> 1.2)
  debugger
  dynamic_form
  email_spec
  factory_girl (~> 3.3.0)
  factory_girl_rails (~> 3.3.0)
  faker
  friendly_id (~> 5.0.1)
  jbuilder
  jquery-rails
  jquery-ui-rails
  json (~> 1.8.0)
  jwt
  launchy
  mocha (~> 0.13.3)
  mysql2 (~> 0.3.12)
  nokogiri (~> 1.6.0)
  paperclip (~> 3.0)
  pg
  prawn (~> 0.12.0)
  railroady
  rails (= 4.0.4)
  rails-erd
  rails3-generators (~> 1.0.0)
  rails_12factor
  rails_config
  rake (~> 10.1)
  rmagick
  rspec-rails (~> 2.12.2)
  rspec-rails-mocha
  sass-rails (~> 4.0.0)
  sqlite3
  state_machine (~> 1.2.0)
  uglifier (>= 1.3.0)
  will_paginate (~> 3.0.4)
  yard
  zurb-foundation (~> 4.3.2)
